GEM
  remote: https://rubygems.org/
  specs:
    CFPropertyList (2.3.4)
    activesupport (5.0.1)
      concurrent-ruby (~> 1.0, >= 1.0.2)
      i18n (~> 0.7)
      minitest (~> 5.1)
      tzinfo (~> 1.1)
    claide (1.0.1)
    clamp (0.6.5)
    colored (1.2)
    colorize (0.8.1)
    concurrent-ruby (1.0.4)
    i18n (0.7.0)
    minitest (5.10.1)
    nanaimo (0.2.3)
    synx (0.2.1)
      clamp (~> 0.6)
      colorize (~> 0.7)
      xcodeproj (~> 1.0)
    thread_safe (0.3.5)
    tzinfo (1.2.2)
      thread_safe (~> 0.1)
    xcodeproj (1.4.2)
      CFPropertyList (~> 2.3.3)
      activesupport (>= 3)
      claide (>= 1.0.1, < 2.0)
      colored (~> 1.2)
      nanaimo (~> 0.2.3)

PLATFORMS
  ruby

DEPENDENCIES
  synx (~> 0.2.1)

BUNDLED WITH
   1.12.5
